GIT
  remote: https://github.com/bcoia/trix.git
  revision: 46c578f853e7dce595845e05f2c104d9d573a2ad
  specs:
    trix-rails (1.0.2)
      rails (> 4.1, < 6.0)

GIT
  remote: https://github.com/mcagov/paperclip-azure
  revision: a7a88535dd4f03b6e5a36c42325f0913cc375f82
  specs:
    paperclip-azure (0.3.0)
      addressable
      azure
      hashie

GIT
  remote: https://github.com/mcagov/rubocop.git
  revision: 4717830e2d83a2c8b8b1dba5abb90f29a1ec039e
  branch: release/0.43.0
  specs:
    rubocop (0.43.0)
      parser (>= 2.3.1.1, < 3.0)
      powerpack (~> 0.1)
      rainbow (>= 1.99.1, < 3.0)
      ruby-progressbar (~> 1.7)
      unicode-display_width (~> 1.0, >= 1.0.1)

GIT
  remote: https://github.com/mcagov/waves-utilities.git
  revision: d6b2b680039cb270061410604d8d5b3594a2d717
  specs:
    waves-utilities (0.1.0)
      countries

GEM
  remote: https://rubygems.org/
  specs:
    Ascii85 (1.0.3)
    actioncable (5.2.1.rc1)
      actionpack (= 5.2.1.rc1)
      nio4r (~> 2.0)
      websocket-driver (>= 0.6.1)
    actionmailer (5.2.1.rc1)
      actionpack (= 5.2.1.rc1)
      actionview (= 5.2.1.rc1)
      activejob (= 5.2.1.rc1)
      mail (~> 2.5, >= 2.5.4)
      rails-dom-testing (~> 2.0)
    actionpack (5.2.1.rc1)
      actionview (= 5.2.1.rc1)
      activesupport (= 5.2.1.rc1)
      rack (~> 2.0)
      rack-test (>= 0.6.3)
      rails-dom-testing (~> 2.0)
      rails-html-sanitizer (~> 1.0, >= 1.0.2)
    actionview (5.2.1.rc1)
      activesupport (= 5.2.1.rc1)
      builder (~> 3.1)
      erubi (~> 1.4)
      rails-dom-testing (~> 2.0)
      rails-html-sanitizer (~> 1.0, >= 1.0.3)
    active_model_serializers (0.10.7)
      actionpack (>= 4.1, < 6)
      activemodel (>= 4.1, < 6)
      case_transform (>= 0.2)
      jsonapi-renderer (>= 0.1.1.beta1, < 0.3)
    activejob (5.2.1.rc1)
      activesupport (= 5.2.1.rc1)
      globalid (>= 0.3.6)
    activemodel (5.2.1.rc1)
      activesupport (= 5.2.1.rc1)
    activerecord (5.2.1.rc1)
      activemodel (= 5.2.1.rc1)
      activesupport (= 5.2.1.rc1)
      arel (>= 9.0)
    activerecord-session_store (1.1.1)
      actionpack (>= 4.0)
      activerecord (>= 4.0)
      multi_json (~> 1.11, >= 1.11.2)
      rack (>= 1.5.2, < 3)
      railties (>= 4.0)
    activestorage (5.2.1.rc1)
      actionpack (= 5.2.1.rc1)
      activerecord (= 5.2.1.rc1)
      marcel (~> 0.3.1)
    activesupport (5.2.1.rc1)
      concurrent-ruby (~> 1.0, >= 1.0.2)
      i18n (>= 0.7, < 2)
      minitest (~> 5.1)
      tzinfo (~> 1.1)
    addressable (2.4.0)
    afm (0.2.2)
    airbrussh (1.3.0)
      sshkit (>= 1.6.1, != 1.7.0)
    arel (9.0.0)
    ast (2.4.0)
    auto_increment (1.5.0)
      activerecord (>= 4.0, < 5.3)
      activesupport (>= 4.0, < 5.3)
    autoprefixer-rails (9.1.0)
      execjs
    awesome_print (1.8.0)
    azure (0.7.10)
      addressable (~> 2.3)
      azure-core (~> 0.1)
      faraday (~> 0.9)
      faraday_middleware (~> 0.10)
      mime-types (>= 1, < 4.0)
      nokogiri (~> 1.6)
      systemu (~> 2.6)
      thor (~> 0.19)
    azure-core (0.1.14)
      faraday (~> 0.9)
      faraday_middleware (~> 0.10)
      nokogiri (~> 1.6)
    babel-source (5.8.35)
    babel-transpiler (0.7.0)
      babel-source (>= 4.0, < 6)
      execjs (~> 2.0)
    backports (3.11.3)
    bcrypt (3.1.12)
    bindex (0.5.0)
    bootstrap-datepicker-rails (1.8.0.1)
      railties (>= 3.0)
    bootstrap-multiselect-rails (0.9.9)
      rails (>= 4.0.0)
    bootstrap-sass (3.3.7)
      autoprefixer-rails (>= 5.2.1)
      sass (>= 3.3.4)
    bootstrap3-datetimepicker-rails (4.17.47)
      momentjs-rails (>= 2.8.1)
    brakeman (4.3.1)
    builder (3.2.3)
    bullet (5.7.5)
      activesupport (>= 3.0.0)
      uniform_notifier (~> 1.11.0)
    bundler-audit (0.6.0)
      bundler (~> 1.2)
      thor (~> 0.18)
    business_time (0.9.3)
      activesupport (>= 3.2.0)
      tzinfo
    byebug (10.0.2)
    capistrano (3.11.0)
      airbrussh (>= 1.0.0)
      i18n
      rake (>= 10.0.0)
      sshkit (>= 1.9.0)
    capistrano-bundler (1.3.0)
      capistrano (~> 3.1)
      sshkit (~> 1.2)
    capistrano-delayed_job (3.1.5)
      activesupport (>= 4.0)
      capistrano (~> 3.4)
      capistrano-monit_runit (~> 3.1.0)
    capistrano-monit_runit (3.1.2)
      activesupport (>= 4.0)
      capistrano (~> 3.4)
    capistrano-passenger (0.2.0)
      capistrano (~> 3.0)
    capistrano-rails (1.4.0)
      capistrano (~> 3.1)
      capistrano-bundler (~> 1.1)
    capybara (2.13.0)
      addressable
      mime-types (>= 1.16)
      nokogiri (>= 1.3.3)
      rack (>= 1.0.0)
      rack-test (>= 0.5.4)
      xpath (~> 2.0)
    capybara-webkit (1.14.0)
      capybara (>= 2.3.0, < 2.14.0)
      json
    case_transform (0.2)
      activesupport
    choice (0.2.0)
    chronic (0.10.2)
    climate_control (0.2.0)
    clockwork (2.0.3)
      tzinfo
    cocoon (1.2.11)
    coderay (1.1.2)
    coffee-rails (4.2.2)
      coffee-script (>= 2.2.0)
      railties (>= 4.0.0)
    coffee-script (2.4.1)
      coffee-script-source
      execjs
    coffee-script-source (1.12.2)
    concurrent-ruby (1.0.5)
    countries (2.1.4)
      i18n_data (~> 0.8.0)
      money (~> 6.9)
      sixarm_ruby_unaccent (~> 1.1)
      unicode_utils (~> 1.4)
    country_select (3.1.1)
      countries (~> 2.0)
      sort_alphabetical (~> 1.0)
    crack (0.4.3)
      safe_yaml (~> 1.0.0)
    crass (1.0.4)
    daemons (1.2.6)
    database_cleaner (1.7.0)
    delayed_job (4.1.5)
      activesupport (>= 3.0, < 5.3)
    delayed_job_active_record (4.1.3)
      activerecord (>= 3.0, < 5.3)
      delayed_job (>= 3.0, < 5)
    devise (4.4.3)
      bcrypt (~> 3.0)
      orm_adapter (~> 0.1)
      railties (>= 4.1.0, < 6.0)
      responders
      warden (~> 1.2.3)
    devise-async (1.0.0)
      activejob (>= 5.0)
      devise (>= 4.0)
    diff-lcs (1.3)
    docile (1.3.1)
    dotenv (2.5.0)
    dotenv-rails (2.5.0)
      dotenv (= 2.5.0)
      railties (>= 3.2, < 6.0)
    email_spec (2.2.0)
      htmlentities (~> 4.3.3)
      launchy (~> 2.1)
      mail (~> 2.7)
    erubi (1.7.1)
    ethon (0.11.0)
      ffi (>= 1.3.0)
    execjs (2.7.0)
    factory_bot (4.10.0)
      activesupport (>= 3.0.0)
    factory_bot_rails (4.10.0)
      factory_bot (~> 4.10.0)
      railties (>= 3.0.0)
    faker (1.9.1)
      i18n (>= 0.7)
    faraday (0.15.2)
      multipart-post (>= 1.2, < 3)
    faraday_middleware (0.12.2)
      faraday (>= 0.7.4, < 1.0)
    ffi (1.9.25)
    flutie (2.0.0)
    font-awesome-rails (4.7.0.4)
      railties (>= 3.2, < 6.0)
    formatador (0.2.5)
    formulaic (0.4.0)
      activesupport
      capybara
      i18n
    gh (0.15.1)
      addressable (~> 2.4.0)
      backports
      faraday (~> 0.8)
      multi_json (~> 1.0)
      net-http-persistent (~> 2.9)
      net-http-pipeline
    globalid (0.4.1)
      activesupport (>= 4.2.0)
    guard (2.14.2)
      formatador (>= 0.2.4)
      listen (>= 2.7, < 4.0)
      lumberjack (>= 1.0.12, < 2.0)
      nenv (~> 0.1)
      notiffany (~> 0.0)
      pry (>= 0.9.12)
      shellany (~> 0.0)
      thor (>= 0.18.1)
    guard-compat (1.2.1)
    guard-rspec (4.7.3)
      guard (~> 2.1)
      guard-compat (~> 1.1)
      rspec (>= 2.99.0, < 4.0)
    haml (5.0.4)
      temple (>= 0.8.0)
      tilt
    hashdiff (0.3.7)
    hashery (2.1.2)
    hashie (3.5.7)
    highline (1.7.10)
    htmlentities (4.3.4)
    i18n (1.0.1)
      concurrent-ruby (~> 1.0)
    i18n_data (0.8.0)
    jquery-rails (4.3.3)
      rails-dom-testing (>= 1, < 3)
      railties (>= 4.2.0)
      thor (>= 0.14, < 2.0)
    json (2.1.0)
    jsonapi-renderer (0.2.0)
    jwt (1.5.6)
    launchy (2.4.3)
      addressable (~> 2.3)
    listen (3.1.5)
      rb-fsevent (~> 0.9, >= 0.9.4)
      rb-inotify (~> 0.9, >= 0.9.7)
      ruby_dep (~> 1.2)
    loofah (2.2.2)
      crass (~> 1.0.2)
      nokogiri (>= 1.5.9)
    lumberjack (1.0.13)
    mail (2.7.0)
      mini_mime (>= 0.1.1)
    marcel (0.3.2)
      mimemagic (~> 0.3.2)
    method_source (0.9.0)
    mime-types (3.1)
      mime-types-data (~> 3.2015)
    mime-types-data (3.2016.0521)
    mimemagic (0.3.2)
    mini_mime (1.0.0)
    mini_portile2 (2.3.0)
    minitest (5.11.3)
    momentjs-rails (2.20.1)
      railties (>= 3.1)
    money (6.12.0)
      i18n (>= 0.6.4, < 1.1)
    multi_json (1.13.1)
    multipart-post (2.0.0)
    nenv (0.3.0)
    net-http-persistent (2.9.4)
    net-http-pipeline (1.0.1)
    net-scp (1.2.1)
      net-ssh (>= 2.6.5)
    net-ssh (5.0.2)
    nio4r (2.3.1)
    nokogiri (1.8.4)
      mini_portile2 (~> 2.3.0)
    notiffany (0.1.1)
      nenv (~> 0.1)
      shellany (~> 0.0)
    notifications-ruby-client (1.1.2)
      jwt (~> 1.5)
    orm_adapter (0.5.0)
    paperclip (6.1.0)
      activemodel (>= 4.2.0)
      activesupport (>= 4.2.0)
      mime-types
      mimemagic (~> 0.3.0)
      terrapin (~> 0.6.0)
    parallel (1.12.1)
    parallel_tests (2.22.0)
      parallel
    parser (2.5.1.2)
      ast (~> 2.4.0)
    pdf-core (0.7.0)
    pdf-reader (2.1.0)
      Ascii85 (~> 1.0.0)
      afm (~> 0.2.1)
      hashery (~> 2.0)
      ruby-rc4
      ttfunk
    pg (1.0.0)
    pg_backup (0.4.0)
      rails (>= 3.0)
    pg_search (2.1.2)
      activerecord (>= 4.2)
      activesupport (>= 4.2)
      arel (>= 6)
    powerpack (0.1.2)
    prawn (2.2.2)
      pdf-core (~> 0.7.0)
      ttfunk (~> 1.5)
    prawn-print (0.0.3)
      prawn (>= 0.12.0)
    prawn-table (0.2.2)
      prawn (>= 1.3.0, < 3.0.0)
    protokoll (2.0.1)
      rails (>= 4.0)
    pry (0.11.3)
      coderay (~> 1.1.0)
      method_source (~> 0.9.0)
    pry-byebug (3.6.0)
      byebug (~> 10.0)
      pry (~> 0.10)
    pry-rails (0.3.6)
      pry (>= 0.10.4)
    puma (3.12.0)
    pusher-client (0.6.2)
      json
      websocket (~> 1.0)
    rack (2.0.5)
    rack-cors (1.0.2)
    rack-test (1.1.0)
      rack (>= 1.0, < 3)
    rack-timeout (0.5.1)
    rack_session_access (0.2.0)
      builder (>= 2.0.0)
      rack (>= 1.0.0)
    rails (5.2.1.rc1)
      actioncable (= 5.2.1.rc1)
      actionmailer (= 5.2.1.rc1)
      actionpack (= 5.2.1.rc1)
      actionview (= 5.2.1.rc1)
      activejob (= 5.2.1.rc1)
      activemodel (= 5.2.1.rc1)
      activerecord (= 5.2.1.rc1)
      activestorage (= 5.2.1.rc1)
      activesupport (= 5.2.1.rc1)
      bundler (>= 1.3.0)
      railties (= 5.2.1.rc1)
      sprockets-rails (>= 2.0.0)
    rails-controller-testing (1.0.2)
      actionpack (~> 5.x, >= 5.0.1)
      actionview (~> 5.x, >= 5.0.1)
      activesupport (~> 5.x)
    rails-dom-testing (2.0.3)
      activesupport (>= 4.2.0)
      nokogiri (>= 1.6)
    rails-erd (1.5.2)
      activerecord (>= 3.2)
      activesupport (>= 3.2)
      choice (~> 0.2.0)
      ruby-graphviz (~> 1.2)
    rails-html-sanitizer (1.0.4)
      loofah (~> 2.2, >= 2.2.2)
    railties (5.2.1.rc1)
      actionpack (= 5.2.1.rc1)
      activesupport (= 5.2.1.rc1)
      method_source
      rake (>= 0.8.7)
      thor (>= 0.19.0, < 2.0)
    rainbow (2.2.2)
      rake
    rake (12.3.1)
    rb-fsevent (0.10.3)
    rb-inotify (0.9.10)
      ffi (>= 0.5.0, < 2)
    remotipart (1.4.2)
    responders (2.4.0)
      actionpack (>= 4.2.0, < 5.3)
      railties (>= 4.2.0, < 5.3)
    rspec (3.7.0)
      rspec-core (~> 3.7.0)
      rspec-expectations (~> 3.7.0)
      rspec-mocks (~> 3.7.0)
    rspec-core (3.7.1)
      rspec-support (~> 3.7.0)
    rspec-expectations (3.7.0)
      diff-lcs (>= 1.2.0, < 2.0)
      rspec-support (~> 3.7.0)
    rspec-mocks (3.7.0)
      diff-lcs (>= 1.2.0, < 2.0)
      rspec-support (~> 3.7.0)
    rspec-rails (3.7.2)
      actionpack (>= 3.0)
      activesupport (>= 3.0)
      railties (>= 3.0)
      rspec-core (~> 3.7.0)
      rspec-expectations (~> 3.7.0)
      rspec-mocks (~> 3.7.0)
      rspec-support (~> 3.7.0)
    rspec-support (3.7.1)
    ruby-graphviz (1.2.3)
    ruby-progressbar (1.9.0)
    ruby-rc4 (0.1.5)
    ruby_dep (1.5.0)
    safe_yaml (1.0.4)
    sass (3.5.7)
      sass-listen (~> 4.0.0)
    sass-listen (4.0.0)
      rb-fsevent (~> 0.9, >= 0.9.4)
      rb-inotify (~> 0.9, >= 0.9.7)
    sass-rails (5.0.7)
      railties (>= 4.0.0, < 6)
      sass (~> 3.1)
      sprockets (>= 2.8, < 4.0)
      sprockets-rails (>= 2.0, < 4.0)
      tilt (>= 1.1, < 3)
    select2-rails (4.0.3)
      thor (~> 0.14)
    shellany (0.0.1)
    shoulda-matchers (3.1.2)
      activesupport (>= 4.0.0)
    simple_form (4.0.1)
      actionpack (>= 5.0)
      activemodel (>= 5.0)
    simplecov (0.16.1)
      docile (~> 1.1)
      json (>= 1.8, < 3)
      simplecov-html (~> 0.10.0)
    simplecov-html (0.10.2)
    sixarm_ruby_unaccent (1.2.0)
    sort_alphabetical (1.1.0)
      unicode_utils (>= 1.2.2)
    sprockets (3.7.2)
      concurrent-ruby (~> 1.0)
      rack (> 1, < 3)
    sprockets-es6 (0.9.2)
      babel-source (>= 5.8.11)
      babel-transpiler
      sprockets (>= 3.0.0)
    sprockets-rails (3.2.1)
      actionpack (>= 4.0)
      activesupport (>= 4.0)
      sprockets (>= 3.0.0)
    sshkit (1.17.0)
      net-scp (>= 1.1.2)
      net-ssh (>= 2.8.0)
    systemu (2.6.5)
    temple (0.8.0)
    terrapin (0.6.0)
      climate_control (>= 0.0.3, < 1.0)
    thor (0.20.0)
    thread_safe (0.3.6)
    tilt (2.0.8)
    timecop (0.9.1)
    title (0.0.7)
      i18n
      rails (>= 3.1)
    transitions (1.2.1)
    travis (1.8.8)
      backports
      faraday (~> 0.9)
      faraday_middleware (~> 0.9, >= 0.9.1)
      gh (~> 0.13)
      highline (~> 1.6)
      launchy (~> 2.1)
      pusher-client (~> 0.4)
      typhoeus (~> 0.6, >= 0.6.8)
    ttfunk (1.5.1)
    typhoeus (0.8.0)
      ethon (>= 0.8.0)
    tzinfo (1.2.5)
      thread_safe (~> 0.1)
    uglifier (4.1.17)
      execjs (>= 0.3.0, < 3)
    unicode-display_width (1.4.0)
    unicode_utils (1.4.0)
    uniform_notifier (1.11.0)
    validates_email_format_of (1.6.3)
      i18n
    warden (1.2.7)
      rack (>= 1.0)
    web-console (3.6.2)
      actionview (>= 5.0)
      activemodel (>= 5.0)
      bindex (>= 0.4.0)
      railties (>= 5.0)
    webmock (3.4.2)
      addressable (>= 2.3.6)
      crack (>= 0.3.2)
      hashdiff
    websocket (1.2.8)
    websocket-driver (0.7.0)
      websocket-extensions (>= 0.1.0)
    websocket-extensions (0.1.3)
    whenever (0.10.0)
      chronic (>= 0.6.3)
    will_paginate (3.1.6)
    will_paginate-bootstrap (1.0.1)
      will_paginate (>= 3.0.3)
    xpath (2.1.0)
      nokogiri (~> 1.3)

PLATFORMS
  ruby

DEPENDENCIES
  active_model_serializers
  activerecord-session_store
  auto_increment
  awesome_print
  bootstrap-datepicker-rails
  bootstrap-multiselect-rails
  bootstrap-sass (~> 3.3.6)
  bootstrap3-datetimepicker-rails
  brakeman
  bullet
  bundler-audit (>= 0.5.0)
  business_time
  capistrano (~> 3.7)
  capistrano-delayed_job
  capistrano-passenger
  capistrano-rails (~> 1.2)
  capybara (= 2.13.0)
  capybara-webkit (= 1.14.0)
  clockwork
  cocoon
  coffee-rails
  countries
  country_select
  daemons
  database_cleaner
  delayed_job_active_record
  devise
  devise-async
  dotenv-rails
  email_spec
  factory_bot_rails
  faker
  flutie
  font-awesome-rails
  formulaic
  guard-rspec
  haml
  jquery-rails
  launchy
  momentjs-rails
  nokogiri (>= 1.8.3)
  notifications-ruby-client (= 1.1.2)
  paperclip (>= 5.2.0)
  paperclip-azure!
  parallel_tests
  pdf-reader
  pg
  pg_backup
  pg_search
  prawn
  prawn-print
  prawn-table
  protokoll
  pry-byebug
  pry-rails
  puma
  rack-cors
  rack-timeout
  rack_session_access
  rails (~> 5.2.1.rc1)
  rails-controller-testing
  rails-erd
  rake (~> 12.3.0)
  remotipart
  rspec-rails
  rubocop (= 0.43.0)!
  sass-rails (~> 5.0)
  select2-rails
  shoulda-matchers
  simple_form
  simplecov
  sprockets (>= 3.7.2)
  sprockets-es6
  timecop
  title
  transitions
  travis
  trix-rails!
  uglifier
  validates_email_format_of
  waves-utilities!
  web-console
  webmock
  whenever
  will_paginate-bootstrap

RUBY VERSION
   ruby 2.5.1p57

BUNDLED WITH
   1.16.2
